GEM
  remote: http://rubygems.org/
  specs:
    bson (1.9.2)
    bson_ext (1.9.2)
      bson (~> 1.9.2)
    cinch (2.0.12)
    cinch-cooldown (1.2.0)
      cinch (~> 2)
      time-lord (~> 1.0, >= 1.0.1)
    cinch-identify (1.5.1)
      cinch (~> 2.0)
    cinch-toolbox (1.1.6)
      nokogiri (~> 1.6)
    cinch-urbandict (1.0.5)
      cinch (~> 2)
      cinch-cooldown (~> 1.1, >= 1.1.7)
      cinch-toolbox (~> 1.1)
    cinch-url-scraper (1.1.0)
      cinch (~> 2)
      mechanize (~> 2)
    cinch-wikipedia (1.0.5)
      cinch (~> 2)
      cinch-cooldown (~> 1.1, >= 1.1.7)
      cinch-toolbox (~> 1.1, >= 1.1.6)
    cleverbot (0.2.0)
      httparty (>= 0.8.1, < 1.0)
    connection_pool (2.2.2)
    domain_name (0.5.20190701)
      unf (>= 0.0.5, < 1.0.0)
    htmlentities (4.3.4)
    http-cookie (1.0.3)
      domain_name (~> 0.5)
    httparty (0.17.0)
      mime-types (~> 3.0)
      multi_xml (>= 0.5.2)
    mechanize (2.7.6)
      domain_name (~> 0.5, >= 0.5.1)
      http-cookie (~> 1.0)
      mime-types (>= 1.17.2)
      net-http-digest_auth (~> 1.1, >= 1.1.1)
      net-http-persistent (>= 2.5.2)
      nokogiri (~> 1.6)
      ntlm-http (~> 0.1, >= 0.1.1)
      webrobots (>= 0.0.9, < 0.2)
    mime-types (3.2.2)
      mime-types-data (~> 3.2015)
    mime-types-data (3.2019.0331)
    mini_portile2 (2.4.0)
    mongo (1.9.2)
      bson (~> 1.9.2)
    multi_xml (0.6.0)
    net-http-digest_auth (1.4.1)
    net-http-persistent (3.1.0)
      connection_pool (~> 2.2)
    nokogiri (1.10.10)
      mini_portile2 (~> 2.4.0)
    ntlm-http (0.1.1)
    simple-rss (1.3.3)
    time-lord (1.0.1)
    unf (0.1.4)
      unf_ext
    unf_ext (0.0.7.6)
    webrobots (0.1.2)

PLATFORMS
  ruby

DEPENDENCIES
  bson_ext (~> 1.9.2)
  cinch (~> 2.0.12)
  cinch-identify (~> 1.5.1)
  cinch-urbandict (~> 1.0.3)
  cinch-url-scraper (~> 1.1.0)
  cinch-wikipedia (~> 1.0.3)
  cleverbot (~> 0.2.0)
  htmlentities (~> 4.3, >= 4.3.4)
  mongo (~> 1.9.2)
  nokogiri (>= 1.10.4)
  simple-rss (~> 1.3.1)

RUBY VERSION
   ruby 2.3.3p222

BUNDLED WITH
   1.13.6
